GEM
  specs:
    chunky_png (1.3.10)
    doubleVision (0.0.1)
      chunky_png

PLATFORMS
  x64-mingw32

DEPENDENCIES
  doubleVision

BUNDLED WITH
   1.17.1
